PATH
  remote: .
  specs:
    rack-core-data (0.0.1)
      activesupport (~> 3.2.6)
      nokogiri (~> 1.4)
      rack (~> 1.4)
      sequel (~> 3.39.0)
      sinatra (~> 1.3.2)

GEM
  remote: http://rubygems.org/
  specs:
    activesupport (3.2.8)
      i18n (~> 0.6)
      multi_json (~> 1.0)
    daemons (1.1.9)
    eventmachine (1.0.0)
    i18n (0.6.1)
    multi_json (1.3.6)
    nokogiri (1.5.5)
    rack (1.4.1)
    rack-protection (1.2.0)
      rack
    rake (0.9.2.2)
    rspec (0.6.4)
    sequel (3.39.0)
    sinatra (1.3.3)
      rack (~> 1.3, >= 1.3.6)
      rack-protection (~> 1.2)
      tilt (~> 1.3, >= 1.3.3)
    thin (1.4.1)
      daemons (>= 1.0.9)
      eventmachine (>= 0.12.6)
      rack (>= 1.0.0)
    tilt (1.3.3)

PLATFORMS
  ruby

DEPENDENCIES
  rack-core-data!
  rake (~> 0.9.2)
  rspec (~> 0.6.1)
  thin
